GEM
  remote: https://rubygems.org/
  specs:
    activemodel (3.2.13)
      activesupport (= 3.2.13)
      builder (~> 3.0.0)
    activesupport (3.2.13)
      i18n (= 0.6.1)
      multi_json (~> 1.0)
    addressable (2.3.4)
    ansi (1.4.3)
    builder (3.0.4)
    crack (0.3.2)
    domain_name (0.5.20190701)
      unf (>= 0.0.5, < 1.0.0)
    git (1.2.5)
    http-cookie (1.0.3)
      domain_name (~> 0.5)
    i18n (0.6.1)
    jeweler (1.6.4)
      bundler (~> 1.0)
      git (>= 1.2.5)
      rake
    json (1.8.2)
    mime-types (2.99.3)
    multi_json (1.7.2)
    netrc (0.11.0)
    power_assert (0.2.2)
    rake (10.0.4)
    reek (1.2.13)
      ripper_ruby_parser (~> 0.0.7)
      ruby2ruby (~> 1.2.5)
      ruby_parser (~> 2.0)
      sexp_processor (~> 3.0)
    rest-client (1.8.0)
      http-cookie (>= 1.0.2, < 2.0)
      mime-types (>= 1.16, < 3.0)
      netrc (~> 0.7)
    ripper_ruby_parser (0.0.8)
      sexp_processor (~> 3.0)
    ruby2ruby (1.2.5)
      ruby_parser (~> 2.0)
      sexp_processor (~> 3.0)
    ruby_parser (2.3.1)
      sexp_processor (~> 3.0)
    sexp_processor (3.2.0)
    test-unit (3.0.9)
      power_assert
    turn (0.9.6)
      ansi
    unf (0.1.4)
      unf_ext
    unf_ext (0.0.7.6)
    vcr (2.4.0)
    webmock (1.11.0)
      addressable (>= 2.2.7)
      crack (>= 0.3.2)

PLATFORMS
  ruby

DEPENDENCIES
  activemodel
  activesupport
  jeweler (~> 1.6.4)
  json
  reek (~> 1.2.8)
  rest-client
  test-unit
  turn
  vcr
  webmock
