GEM
  remote: https://rubygems.org/
  specs:
    activemodel (7.0.4.1)
      activesupport (= 7.0.4.1)
    activesupport (7.0.4.1)
      concurrent-ruby (~> 1.0, >= 1.0.2)
      i18n (>= 1.6, < 2)
      minitest (>= 5.1)
      tzinfo (~> 2.0)
    addressable (2.3.4)
    ansi (1.4.3)
    concurrent-ruby (1.1.10)
    crack (0.3.2)
    git (1.2.5)
    i18n (1.12.0)
      concurrent-ruby (~> 1.0)
    jeweler (1.6.4)
      bundler (~> 1.0)
      git (>= 1.2.5)
      rake
    json (1.8.2)
    mime-types (1.22)
    minitest (5.17.0)
    power_assert (0.2.2)
    rake (10.0.4)
    reek (1.2.13)
      ripper_ruby_parser (~> 0.0.7)
      ruby2ruby (~> 1.2.5)
      ruby_parser (~> 2.0)
      sexp_processor (~> 3.0)
    rest-client (1.6.7)
      mime-types (>= 1.16)
    ripper_ruby_parser (0.0.8)
      sexp_processor (~> 3.0)
    ruby2ruby (1.2.5)
      ruby_parser (~> 2.0)
      sexp_processor (~> 3.0)
    ruby_parser (2.3.1)
      sexp_processor (~> 3.0)
    sexp_processor (3.2.0)
    test-unit (3.0.9)
      power_assert
    turn (0.9.6)
      ansi
    tzinfo (2.0.5)
      concurrent-ruby (~> 1.0)
    vcr (2.4.0)
    webmock (1.11.0)
      addressable (>= 2.2.7)
      crack (>= 0.3.2)

PLATFORMS
  ruby

DEPENDENCIES
  activemodel
  activesupport
  jeweler (~> 1.6.4)
  json
  reek (~> 1.2.8)
  rest-client
  test-unit
  turn
  vcr
  webmock
